GEM
  remote: https://rubygems.org/
  specs:
    chronic (0.10.2)
    citrus (3.0.2)
    mini_portile2 (2.1.0)
    nokogiri (1.6.8.1)
      mini_portile2 (~> 2.1.0)
    toml-rb (0.3.15)
      citrus (~> 3.0, > 3.0)

PLATFORMS
  ruby

DEPENDENCIES
  chronic!
  nokogiri!
  toml-rb!

BUNDLED WITH
   1.13.6
